GEM
  remote: https://rubygems.org/
  specs:
    rack (1.6.10)
    rack-protection (1.5.5)
      rack
    rake (10.5.0)
    shotgun (0.9.2)
      rack (>= 1.0)
    sinatra (1.4.8)
      rack (~> 1.5)
      rack-protection (~> 1.4)
      tilt (>= 1.3, < 3)
    tilt (2.0.8)

PLATFORMS
  ruby

DEPENDENCIES
  rake (~> 10.4, >= 10.4.2)!
  shotgun (~> 0.9.2)!
  sinatra (~> 1.4, >= 1.4.7)!

RUBY VERSION
   ruby 2.4.1p111

BUNDLED WITH
   1.16.2
