GEM
  remote: https://rubygems.org/
  specs:
    byebug (10.0.2)
    coderay (1.1.2)
    method_source (0.9.0)
    pg (0.18.4)
    pry (0.11.3)
      coderay (~> 1.1.0)
      method_source (~> 0.9.0)
    pry-byebug (3.6.0)
      byebug (~> 10.0)
      pry (~> 0.10)
    rack (1.6.10)
    rack-protection (1.5.5)
      rack
    rake (10.5.0)
    shotgun (0.9.2)
      rack (>= 1.0)
    sinatra (1.4.8)
      rack (~> 1.5)
      rack-protection (~> 1.4)
      tilt (>= 1.3, < 3)
    tilt (2.0.8)

PLATFORMS
  ruby

DEPENDENCIES
  pg (~> 0.18.4)!
  pry-byebug (~> 3.4)!
  rake (~> 10.4, >= 10.4.2)!
  shotgun (~> 0.9.2)!
  sinatra (~> 1.4, >= 1.4.7)!

RUBY VERSION
   ruby 2.4.1p111

BUNDLED WITH
   1.16.2
